GEM
  remote: https://rubygems.org/
  specs:
    openssl (3.2.0)
    webrick (1.8.1)

PLATFORMS
  arm64-darwin-23
  ruby

DEPENDENCIES
  openssl
  webrick

BUNDLED WITH
   2.5.11
